PATH
  remote: .
  specs:
    robotanks_bot (0.0.1)
      celluloid
      celluloid-io
      logging
      multi_json

GEM
  remote: https://rubygems.org/
  specs:
    celluloid (0.12.4)
      facter (>= 1.6.12)
      timers (>= 1.0.0)
    celluloid-io (0.12.1)
      celluloid (~> 0.12.0)
      nio4r (>= 0.4.0)
    facter (1.6.18)
    little-plugger (1.1.3)
    logging (1.8.1)
      little-plugger (>= 1.1.3)
      multi_json (>= 1.3.6)
    multi_json (1.6.1)
    nio4r (0.4.3)
    timers (1.1.0)

PLATFORMS
  ruby

DEPENDENCIES
  robotanks_bot!
