PATH
  remote: .
  specs:
    robotanks_bot (0.0.1)
      multi_json

GEM
  remote: https://rubygems.org/
  specs:
    multi_json (1.6.1)

PLATFORMS
  ruby

DEPENDENCIES
  robotanks_bot!
